NUGET
  remote: http://api.nuget.org/v3/index.json
  specs:
    FAKE (4.25.5)
    FSharp.Core (4.0.0.1)
    LibGit2Sharp (0.22)
      LibGit2Sharp.NativeBinaries (1.0.129)
    LibGit2Sharp.NativeBinaries (1.0.129)
    Newtonsoft.Json (8.0.3)
    Suave (1.1.2)
      FSharp.Core (>= 3.1.2.5)
